GEM
  remote: https://rubygems.org/
  specs:
    logger (1.2.8)
    rack (1.6.4)
    rack-protection (1.5.3)
      rack
    rake (11.1.2)
    sinatra (1.4.7)
      rack (~> 1.5)
      rack-protection (~> 1.4)
      tilt (>= 1.3, < 3)
    sinatra-cross_origin (0.3.2)
    tilt (2.0.4)

PLATFORMS
  ruby

DEPENDENCIES
  bundler
  logger
  rake
  sinatra
  sinatra-cross_origin

BUNDLED WITH
   1.12.4
