GIT
  remote: git@github.com:joelibaceta/sicuro.git
  revision: 1a24686fae555fedbbd4265875213896547dbb57
  specs:
    sicuro (0.22.0)
      standalone (~> 0.6.0)

GEM
  remote: https://rubygems.org/
  specs:
    logger (1.2.8)
    rack (1.6.4)
    rack-protection (1.5.3)
      rack
    rake (11.1.2)
    sinatra (1.4.7)
      rack (~> 1.5)
      rack-protection (~> 1.4)
      tilt (>= 1.3, < 3)
    standalone (0.6.0)
    tilt (2.0.4)

PLATFORMS
  ruby

DEPENDENCIES
  bundler
  logger
  rake
  sicuro!
  sinatra

BUNDLED WITH
   1.12.4
